PATH
  remote: .
  specs:
    upperkut (0.5.2)
      connection_pool (~> 2.2, >= 2.2.2)
      redis (>= 3.3.3, < 5)

GEM
  remote: https://rubygems.org/
  specs:
    coderay (1.1.2)
    connection_pool (2.2.2)
    diff-lcs (1.3)
    docile (1.3.1)
    fakeredis (0.7.0)
      redis (>= 3.2, < 5.0)
    fivemat (1.3.6)
    json (2.1.0)
    method_source (0.9.0)
    pry (0.11.3)
      coderay (~> 1.1.0)
      method_source (~> 0.9.0)
    rake (10.5.0)
    redis (4.0.1)
    rspec (3.7.0)
      rspec-core (~> 3.7.0)
      rspec-expectations (~> 3.7.0)
      rspec-mocks (~> 3.7.0)
    rspec-core (3.7.1)
      rspec-support (~> 3.7.0)
    rspec-expectations (3.7.0)
      diff-lcs (>= 1.2.0, < 2.0)
      rspec-support (~> 3.7.0)
    rspec-mocks (3.7.0)
      diff-lcs (>= 1.2.0, < 2.0)
      rspec-support (~> 3.7.0)
    rspec-support (3.7.1)
    rspec_junit_formatter (0.4.1)
      rspec-core (>= 2, < 4, != 2.12.0)
    simplecov (0.16.1)
      docile (~> 1.1)
      json (>= 1.8, < 3)
      simplecov-html (~> 0.10.0)
    simplecov-html (0.10.2)

PLATFORMS
  ruby

DEPENDENCIES
  bundler (~> 1.16)
  fakeredis
  fivemat
  pry
  rake (~> 10.0)
  rspec (~> 3.0)
  rspec_junit_formatter
  simplecov
  upperkut!

BUNDLED WITH
   1.16.3
