PATH
  remote: .
  specs:
    upperkut (1.0.1.rc)
      connection_pool (~> 2.2, >= 2.2.2)
      redis (>= 4.1.0, < 6.0.0)

GEM
  remote: https://rubygems.org/
  specs:
    coderay (1.1.3)
    connection_pool (2.2.5)
    diff-lcs (1.5.0)
    docile (1.3.2)
    fivemat (1.3.7)
    json (2.3.1)
    method_source (1.0.0)
    pry (0.14.1)
      coderay (~> 1.1)
      method_source (~> 1.0)
    rake (13.0.6)
    redis (5.0.6)
      redis-client (>= 0.9.0)
    redis-client (0.12.1)
      connection_pool
    rspec (3.11.0)
      rspec-core (~> 3.11.0)
      rspec-expectations (~> 3.11.0)
      rspec-mocks (~> 3.11.0)
    rspec-core (3.11.0)
      rspec-support (~> 3.11.0)
    rspec-expectations (3.11.0)
      diff-lcs (>= 1.2.0, < 2.0)
      rspec-support (~> 3.11.0)
    rspec-mocks (3.11.0)
      diff-lcs (>= 1.2.0, < 2.0)
      rspec-support (~> 3.11.0)
    rspec-support (3.11.0)
    rspec_junit_formatter (0.5.1)
      rspec-core (>= 2, < 4, != 2.12.0)
    simplecov (0.17.1)
      docile (~> 1.1)
      json (>= 1.8, < 3)
      simplecov-html (~> 0.10.0)
    simplecov-html (0.10.2)

PLATFORMS
  ruby

DEPENDENCIES
  bundler (>= 1.16)
  fivemat
  pry
  rake (~> 13.0)
  rspec (~> 3.0)
  rspec_junit_formatter
  simplecov (< 0.18)
  upperkut!

BUNDLED WITH
   2.4.1
